GEM
  remote: http://rubygems.org/
  specs:
    autoprefixer-rails (0.8.20131205)
      execjs
    binding_of_caller (0.7.2)
      debug_inspector (>= 0.0.1)
    chunky_png (1.2.9)
    classifier (1.3.3)
      fast-stemmer (>= 1.0.0)
    coderay (1.1.0)
    colorator (0.1)
    columnize (0.3.6)
    commander (4.1.5)
      highline (~> 1.6.11)
    compass (0.12.2)
      chunky_png (~> 1.2)
      fssm (>= 0.2.7)
      sass (~> 3.1)
    csso-rails (0.3.2)
      execjs (>= 1)
    debug_inspector (0.0.2)
    debugger (1.6.3)
      columnize (>= 0.3.1)
      debugger-linecache (~> 1.2.0)
      debugger-ruby_core_source (~> 1.2.4)
    debugger-linecache (1.2.0)
    debugger-ruby_core_source (1.2.4)
    directory_watcher (1.4.1)
    execjs (2.0.2)
    fast-stemmer (1.0.2)
    fssm (0.2.10)
    highline (1.6.20)
    jekyll (1.1.1)
      classifier (~> 1.3)
      colorator (~> 0.1)
      commander (~> 4.1.3)
      directory_watcher (~> 1.4.1)
      kramdown (~> 1.0.2)
      liquid (~> 2.3)
      maruku (~> 0.5)
      pygments.rb (~> 0.5.0)
      redcarpet (~> 2.2.2)
      safe_yaml (~> 0.7.0)
    json (1.8.1)
    kramdown (1.0.2)
    libv8 (3.16.14.3)
    liquid (2.6.0)
    maruku (0.7.0)
    method_source (0.8.2)
    posix-spawn (0.3.8)
    pry (0.9.12.4)
      coderay (~> 1.0)
      method_source (~> 0.8)
      slop (~> 3.4)
    pry-debugger (0.2.2)
      debugger (~> 1.3)
      pry (~> 0.9.10)
    pry-remote (0.1.7)
      pry (~> 0.9)
      slop (~> 3.0)
    pry-stack_explorer (0.4.9.1)
      binding_of_caller (>= 0.7)
      pry (>= 0.9.11)
    pygments.rb (0.5.4)
      posix-spawn (~> 0.3.6)
      yajl-ruby (~> 1.1.0)
    rake (10.1.0)
    rdiscount (2.1.7)
    redcarpet (2.2.2)
    ref (1.0.5)
    safe_yaml (0.7.1)
    sass (3.2.12)
    sass-css-importer (1.0.0.beta.0)
      sass (>= 3.1)
    slop (3.4.7)
    therubyracer (0.12.0)
      libv8 (~> 3.16.14.0)
      ref
    uglifier (2.3.2)
      execjs (>= 0.3.0)
      json (>= 1.8.0)
    yajl-ruby (1.1.0)

PLATFORMS
  ruby

DEPENDENCIES
  autoprefixer-rails
  compass
  csso-rails
  jekyll
  liquid (~> 2.6.0)
  pry
  pry-debugger
  pry-remote
  pry-stack_explorer
  rake
  rdiscount
  sass-css-importer (~> 1.0.0.beta.0)
  therubyracer
  uglifier
